GEM
  remote: https://rubygems.org/
  specs:
    daemons (1.2.4)
    eventmachine (1.2.3)
    mini_portile2 (2.8.0)
    multi_json (1.15.0)
    mustermann (2.0.2)
      ruby2_keywords (~> 0.0.1)
    nokogiri (1.13.10)
      mini_portile2 (~> 2.8.0)
      racc (~> 1.4)
    pg (0.19.0)
    racc (1.6.1)
    rack (2.2.8.1)
    rack-protection (2.2.3)
      rack
    ruby2_keywords (0.0.5)
    sass (3.4.23)
    sequel (4.43.0)
    sinatra (2.2.3)
      mustermann (~> 2.0)
      rack (~> 2.2)
      rack-protection (= 2.2.3)
      tilt (~> 2.0)
    sinatra-contrib (2.2.3)
      multi_json
      mustermann (~> 2.0)
      rack-protection (= 2.2.3)
      sinatra (= 2.2.3)
      tilt (~> 2.0)
    sinatra-reloader (1.0)
      sinatra-contrib
    slim (3.0.7)
      temple (~> 0.7.6)
      tilt (>= 1.3.3, < 2.1)
    temple (0.7.7)
    term-ansicolor (1.4.0)
      tins (~> 1.0)
    thin (1.7.0)
      daemons (~> 1.0, >= 1.0.9)
      eventmachine (~> 1.0, >= 1.0.4)
      rack (>= 1, < 3)
    tilt (2.0.11)
    tins (1.13.2)

PLATFORMS
  ruby

DEPENDENCIES
  nokogiri
  pg
  sass
  sequel
  sinatra
  sinatra-reloader
  slim
  term-ansicolor
  thin

RUBY VERSION
   ruby 2.4.0p0

BUNDLED WITH
   1.14.5
