GEM
  remote: https://rubygems.org/
  specs:
    backports (3.6.8)
    daemons (1.2.4)
    eventmachine (1.2.3)
    mini_portile2 (2.1.0)
    multi_json (1.12.1)
    nokogiri (1.7.0.1)
      mini_portile2 (~> 2.1.0)
    pg (0.19.0)
    rack (1.6.5)
    rack-protection (1.5.3)
      rack
    rack-test (0.6.3)
      rack (>= 1.0)
    sass (3.4.23)
    sequel (4.43.0)
    sinatra (1.4.8)
      rack (~> 1.5)
      rack-protection (~> 1.4)
      tilt (>= 1.3, < 3)
    sinatra-contrib (1.4.7)
      backports (>= 2.0)
      multi_json
      rack-protection
      rack-test
      sinatra (~> 1.4.0)
      tilt (>= 1.3, < 3)
    sinatra-reloader (1.0)
      sinatra-contrib
    slim (3.0.7)
      temple (~> 0.7.6)
      tilt (>= 1.3.3, < 2.1)
    temple (0.7.7)
    term-ansicolor (1.4.0)
      tins (~> 1.0)
    thin (1.7.0)
      daemons (~> 1.0, >= 1.0.9)
      eventmachine (~> 1.0, >= 1.0.4)
      rack (>= 1, < 3)
    tilt (2.0.6)
    tins (1.13.2)

PLATFORMS
  ruby

DEPENDENCIES
  nokogiri
  pg
  sass
  sequel
  sinatra
  sinatra-reloader
  slim
  term-ansicolor
  thin

RUBY VERSION
   ruby 2.4.0p0

BUNDLED WITH
   1.14.5
